PATH
  remote: .
  specs:
    unodos (0.1.1)

GEM
  remote: https://rubygems.org/
  specs:
    docile (1.3.2)
    json (2.3.0)
    minitest (5.13.0)
    rake (12.3.3)
    simplecov (0.17.1)
      docile (~> 1.1)
      json (>= 1.8, < 3)
      simplecov-html (~> 0.10.0)
    simplecov-html (0.10.2)

PLATFORMS
  ruby

DEPENDENCIES
  minitest (~> 5.0)
  rake (~> 12.0)
  simplecov
  unodos!

BUNDLED WITH
   2.1.2
